PATH
  remote: .
  specs:
    dnsdb (0.0.3)
      rest-cli

PATH
  remote: ../rest-cli/pkg/
  specs:
    rest-cli (0.0.1)

GEM
  remote: http://rubygems.org/
  specs:
    rake (0.9.2.2)

PLATFORMS
  ruby

DEPENDENCIES
  dnsdb!
  rake
  rest-cli (= 0.0.1)!
